GEM
  remote: https://rubygems.org/
  specs:
    breakpoint (2.4.2)
      sass (~> 3.3.0)
      sassy-maps (< 1.0.0)
    chunky_png (1.3.1)
    compass (0.12.2)
      chunky_png (~> 1.2)
      fssm (>= 0.2.7)
      sass (~> 3.1)
    fssm (0.2.10)
    oily_png (1.1.1)
      chunky_png (~> 1.3.0)
    rb-fsevent (0.9.4)
    sass (3.3.9)
    sassy-maps (0.4.0)
      sass (~> 3.3)
    singularitygs (1.2.1)
      breakpoint (~> 2.4)
      sass (~> 3.3.0)

PLATFORMS
  ruby

DEPENDENCIES
  breakpoint (~> 2.4.0)
  compass
  oily_png
  rb-fsevent
  sass
  singularitygs (~> 1.2.0.rc.3)
